GEM
  remote: https://rubygems.org/
  specs:
    rack (2.2.7)

PLATFORMS
  x64-mingw-ucrt

DEPENDENCIES
  rack (= 2.2.7)

BUNDLED WITH
   2.4.19
